PATH
  remote: .
  specs:
    statique (0.1.5)
      builder (~> 3.2.4)
      commonmarker (~> 0.23.2)
      filewatcher (>= 1.1.1, < 2.2.0)
      front_matter_parser (~> 1.0.1)
      hashie (~> 5.0.0)
      memo_wise (>= 1.6, < 1.8)
      roda (~> 3.53)
      slim (>= 4.1, < 5.2)
      thor (~> 1.2.1)
      tty-logger (~> 0.6.0)
      webrick (>= 1.7, < 1.9)

GEM
  remote: https://rubygems.org/
  specs:
    ast (2.4.2)
    backport (1.2.0)
    benchmark (0.2.1)
    benchmark-ips (2.12.0)
    builder (3.2.4)
    bundle-audit (0.1.0)
      bundler-audit
    bundler-audit (0.9.1)
      bundler (>= 1.2.0, < 3)
      thor (~> 1.0)
    childprocess (4.1.0)
    commonmarker (0.23.9)
    diff-lcs (1.5.0)
    docile (1.4.0)
    e2mmap (0.1.0)
    filewatcher (2.1.0)
      module_methods (~> 0.1.0)
    front_matter_parser (1.0.1)
    hashie (5.0.0)
    iniparse (1.5.0)
    jaro_winkler (1.5.4)
    json (2.6.3)
    kramdown (2.4.0)
      rexml
    kramdown-parser-gfm (1.1.0)
      kramdown (~> 2.0)
    language_server-protocol (3.17.0.3)
    lint_roller (1.0.0)
    memo_wise (1.7.0)
    minitest (5.18.0)
    minitest-around (0.5.0)
      minitest (~> 5.0)
    module_methods (0.1.0)
    nokogiri (1.14.3-arm64-darwin)
      racc (~> 1.4)
    nokogiri (1.14.3-x86_64-linux)
      racc (~> 1.4)
    overcommit (0.60.0)
      childprocess (>= 0.6.3, < 5)
      iniparse (~> 1.4)
      rexml (~> 3.2)
    parallel (1.23.0)
    parser (3.2.2.1)
      ast (~> 2.4.1)
    pastel (0.8.0)
      tty-color (~> 0.5)
    racc (1.6.2)
    rack (3.0.7)
    rainbow (3.1.1)
    rake (13.0.6)
    rbs (2.8.4)
    regexp_parser (2.8.0)
    reverse_markdown (2.1.1)
      nokogiri
    rexml (3.2.5)
    roda (3.68.0)
      rack
    rubocop (1.50.2)
      json (~> 2.3)
      parallel (~> 1.10)
      parser (>= 3.2.0.0)
      rainbow (>= 2.2.2, < 4.0)
      regexp_parser (>= 1.8, < 3.0)
      rexml (>= 3.2.5, < 4.0)
      rubocop-ast (>= 1.28.0, < 2.0)
      ruby-progressbar (~> 1.7)
      unicode-display_width (>= 2.4.0, < 3.0)
    rubocop-ast (1.28.1)
      parser (>= 3.2.1.0)
    rubocop-minitest (0.31.0)
      rubocop (>= 1.39, < 2.0)
    rubocop-performance (1.16.0)
      rubocop (>= 1.7.0, < 2.0)
      rubocop-ast (>= 0.4.0)
    rubocop-rake (0.6.0)
      rubocop (~> 1.0)
    ruby-progressbar (1.13.0)
    simplecov (0.22.0)
      docile (~> 1.1)
      simplecov-html (~> 0.11)
      simplecov_json_formatter (~> 0.1)
    simplecov-html (0.12.3)
    simplecov_json_formatter (0.1.4)
    slim (5.1.0)
      temple (~> 0.10.0)
      tilt (>= 2.0.6, < 2.2)
    solargraph (0.49.0)
      backport (~> 1.2)
      benchmark
      bundler (~> 2.0)
      diff-lcs (~> 1.4)
      e2mmap
      jaro_winkler (~> 1.5)
      kramdown (~> 2.3)
      kramdown-parser-gfm (~> 1.1)
      parser (~> 3.0)
      rbs (~> 2.0)
      reverse_markdown (~> 2.0)
      rubocop (~> 1.38)
      thor (~> 1.0)
      tilt (~> 2.0)
      yard (~> 0.9, >= 0.9.24)
    standard (1.28.2)
      language_server-protocol (~> 3.17.0.2)
      lint_roller (~> 1.0)
      rubocop (~> 1.50.2)
      standard-custom (~> 1.0.0)
      standard-performance (~> 1.0.1)
    standard-custom (1.0.0)
      lint_roller (~> 1.0)
    standard-performance (1.0.1)
      lint_roller (~> 1.0)
      rubocop-performance (~> 1.16.0)
    temple (0.10.0)
    thor (1.2.2)
    tilt (2.1.0)
    tty-color (0.6.0)
    tty-logger (0.6.0)
      pastel (~> 0.8)
    unicode-display_width (2.4.2)
    webrick (1.8.1)
    yard (0.9.32)

PLATFORMS
  arm64-darwin-21
  arm64-darwin-22
  x86_64-linux

DEPENDENCIES
  benchmark-ips
  bundle-audit (~> 0.1.0)
  minitest (~> 5.18)
  minitest-around (~> 0.5.0)
  overcommit
  rake (~> 13.0)
  rubocop-minitest (~> 0.31.0)
  rubocop-rake (~> 0.6.0)
  simplecov
  solargraph
  standard (~> 1.28)
  statique!

RUBY VERSION
   ruby 3.2.0p-1

BUNDLED WITH
   2.3.7
