PATH
  remote: .
  specs:
    statique (0.1.5)
      builder (~> 3.2.4)
      commonmarker (~> 0.23.2)
      filewatcher (>= 1.1.1, < 2.2.0)
      front_matter_parser (~> 1.0.1)
      hashie (~> 5.0.0)
      memo_wise (>= 1.6, < 1.8)
      roda (~> 3.53)
      slim (~> 4.1.0)
      thor (~> 1.2.1)
      tty-logger (~> 0.6.0)
      webrick (~> 1.7.0)

GEM
  remote: https://rubygems.org/
  specs:
    activesupport (7.0.4)
      concurrent-ruby (~> 1.0, >= 1.0.2)
      i18n (>= 1.6, < 2)
      minitest (>= 5.1)
      tzinfo (~> 2.0)
    ast (2.4.2)
    backport (1.2.0)
    benchmark (0.2.1)
    benchmark-ips (2.10.0)
    builder (3.2.4)
    bundle-audit (0.1.0)
      bundler-audit
    bundler-audit (0.9.1)
      bundler (>= 1.2.0, < 3)
      thor (~> 1.0)
    childprocess (4.1.0)
    commonmarker (0.23.6)
    concurrent-ruby (1.1.10)
    csv (3.2.5)
    diff-lcs (1.5.0)
    e2mmap (0.1.0)
    ffi (1.15.5)
    fileutils (1.7.0)
    filewatcher (2.1.0)
      module_methods (~> 0.1.0)
    front_matter_parser (1.0.1)
    hashie (5.0.0)
    i18n (1.12.0)
      concurrent-ruby (~> 1.0)
    iniparse (1.5.0)
    jaro_winkler (1.5.4)
    json (2.6.3)
    kramdown (2.4.0)
      rexml
    kramdown-parser-gfm (1.1.0)
      kramdown (~> 2.0)
    language_server-protocol (3.17.0.2)
    listen (3.7.1)
      rb-fsevent (~> 0.10, >= 0.10.3)
      rb-inotify (~> 0.9, >= 0.9.10)
    logger (1.5.2)
    memo_wise (1.7.0)
    minitest (5.16.3)
    minitest-around (0.5.0)
      minitest (~> 5.0)
    module_methods (0.1.0)
    nokogiri (1.13.9-arm64-darwin)
      racc (~> 1.4)
    nokogiri (1.13.9-x86_64-linux)
      racc (~> 1.4)
    overcommit (0.59.1)
      childprocess (>= 0.6.3, < 5)
      iniparse (~> 1.4)
      rexml (~> 3.2)
    parallel (1.22.1)
    parser (3.1.3.0)
      ast (~> 2.4.1)
    pastel (0.8.0)
      tty-color (~> 0.5)
    racc (1.6.1)
    rack (3.0.2)
    rainbow (3.1.1)
    rake (13.0.6)
    rb-fsevent (0.11.2)
    rb-inotify (0.10.1)
      ffi (~> 1.0)
    rbs (2.8.1)
    regexp_parser (2.6.1)
    reverse_markdown (2.1.1)
      nokogiri
    rexml (3.2.5)
    roda (3.62.0)
      rack
    rubocop (1.39.0)
      json (~> 2.3)
      parallel (~> 1.10)
      parser (>= 3.1.2.1)
      rainbow (>= 2.2.2, < 4.0)
      regexp_parser (>= 1.8, < 3.0)
      rexml (>= 3.2.5, < 4.0)
      rubocop-ast (>= 1.23.0, < 2.0)
      ruby-progressbar (~> 1.7)
      unicode-display_width (>= 1.4.0, < 3.0)
    rubocop-ast (1.24.0)
      parser (>= 3.1.1.0)
    rubocop-minitest (0.24.0)
      rubocop (>= 0.90, < 2.0)
    rubocop-performance (1.15.1)
      rubocop (>= 1.7.0, < 2.0)
      rubocop-ast (>= 0.4.0)
    rubocop-rake (0.6.0)
      rubocop (~> 1.0)
    ruby-progressbar (1.11.0)
    securerandom (0.2.1)
    slim (4.1.0)
      temple (>= 0.7.6, < 0.9)
      tilt (>= 2.0.6, < 2.1)
    solargraph (0.47.2)
      backport (~> 1.2)
      benchmark
      bundler (>= 1.17.2)
      diff-lcs (~> 1.4)
      e2mmap
      jaro_winkler (~> 1.5)
      kramdown (~> 2.3)
      kramdown-parser-gfm (~> 1.1)
      parser (~> 3.0)
      reverse_markdown (>= 1.0.5, < 3)
      rubocop (>= 0.52)
      thor (~> 1.0)
      tilt (~> 2.0)
      yard (~> 0.9, >= 0.9.24)
    standard (1.19.1)
      language_server-protocol (~> 3.17.0.2)
      rubocop (= 1.39.0)
      rubocop-performance (= 1.15.1)
    steep (1.3.0)
      activesupport (>= 5.1)
      csv (>= 3.0.9)
      fileutils (>= 1.1.0)
      json (>= 2.1.0)
      language_server-protocol (>= 3.15, < 4.0)
      listen (~> 3.0)
      logger (>= 1.3.0)
      parallel (>= 1.0.0)
      parser (>= 3.1)
      rainbow (>= 2.2.2, < 4.0)
      rbs (>= 2.8.0)
      securerandom (>= 0.1)
      strscan (>= 1.0.0)
      terminal-table (>= 2, < 4)
    strscan (3.0.4)
    temple (0.8.2)
    terminal-table (3.0.2)
      unicode-display_width (>= 1.1.1, < 3)
    thor (1.2.1)
    tilt (2.0.11)
    tty-color (0.6.0)
    tty-logger (0.6.0)
      pastel (~> 0.8)
    typeprof (0.21.3)
      rbs (>= 1.8.1)
    tzinfo (2.0.5)
      concurrent-ruby (~> 1.0)
    unicode-display_width (2.3.0)
    webrick (1.7.0)
    yard (0.9.28)
      webrick (~> 1.7.0)

PLATFORMS
  arm64-darwin-21
  arm64-darwin-22
  x86_64-linux

DEPENDENCIES
  benchmark-ips
  bundle-audit (~> 0.1.0)
  minitest (~> 5.16)
  minitest-around (~> 0.5.0)
  overcommit
  rake (~> 13.0)
  rbs
  rubocop-minitest (~> 0.24.0)
  rubocop-rake (~> 0.6.0)
  solargraph
  standard (~> 1.19)
  statique!
  steep
  typeprof

RUBY VERSION
   ruby 3.1.3p185

BUNDLED WITH
   2.3.7
