PATH
  remote: .
  specs:
    statique (0.1.5)
      builder (~> 3.2.4)
      commonmarker (~> 0.23.2)
      filewatcher (>= 1.1.1, < 2.1.0)
      front_matter_parser (~> 1.0.1)
      hashie (~> 5.0.0)
      memo_wise (>= 1.6, < 1.8)
      roda (~> 3.53)
      slim (~> 4.1.0)
      thor (~> 1.2.1)
      tty-logger (~> 0.6.0)
      webrick (~> 1.7.0)

GEM
  remote: https://rubygems.org/
  specs:
    ast (2.4.2)
    backport (1.2.0)
    benchmark (0.2.0)
    benchmark-ips (2.10.0)
    builder (3.2.4)
    bundle-audit (0.1.0)
      bundler-audit
    bundler-audit (0.9.1)
      bundler (>= 1.2.0, < 3)
      thor (~> 1.0)
    childprocess (4.1.0)
    commonmarker (0.23.6)
    diff-lcs (1.5.0)
    e2mmap (0.1.0)
    filewatcher (2.0.0)
    front_matter_parser (1.0.1)
    hashie (5.0.0)
    iniparse (1.5.0)
    jaro_winkler (1.5.4)
    json (2.6.2)
    kramdown (2.4.0)
      rexml
    kramdown-parser-gfm (1.1.0)
      kramdown (~> 2.0)
    memo_wise (1.7.0)
    minitest (5.16.3)
    minitest-around (0.5.0)
      minitest (~> 5.0)
    nokogiri (1.13.8-arm64-darwin)
      racc (~> 1.4)
    nokogiri (1.13.8-x86_64-linux)
      racc (~> 1.4)
    overcommit (0.59.1)
      childprocess (>= 0.6.3, < 5)
      iniparse (~> 1.4)
      rexml (~> 3.2)
    parallel (1.22.1)
    parser (3.1.2.1)
      ast (~> 2.4.1)
    pastel (0.8.0)
      tty-color (~> 0.5)
    racc (1.6.0)
    rack (3.0.0)
    rainbow (3.1.1)
    rake (13.0.6)
    rbs (2.7.0)
    regexp_parser (2.6.0)
    reverse_markdown (2.1.1)
      nokogiri
    rexml (3.2.5)
    roda (3.60.0)
      rack
    rubocop (1.35.1)
      json (~> 2.3)
      parallel (~> 1.10)
      parser (>= 3.1.2.1)
      rainbow (>= 2.2.2, < 4.0)
      regexp_parser (>= 1.8, < 3.0)
      rexml (>= 3.2.5, < 4.0)
      rubocop-ast (>= 1.20.1, < 2.0)
      ruby-progressbar (~> 1.7)
      unicode-display_width (>= 1.4.0, < 3.0)
    rubocop-ast (1.21.0)
      parser (>= 3.1.1.0)
    rubocop-minitest (0.22.2)
      rubocop (>= 0.90, < 2.0)
    rubocop-performance (1.14.3)
      rubocop (>= 1.7.0, < 2.0)
      rubocop-ast (>= 0.4.0)
    rubocop-rake (0.6.0)
      rubocop (~> 1.0)
    ruby-progressbar (1.11.0)
    slim (4.1.0)
      temple (>= 0.7.6, < 0.9)
      tilt (>= 2.0.6, < 2.1)
    solargraph (0.47.2)
      backport (~> 1.2)
      benchmark
      bundler (>= 1.17.2)
      diff-lcs (~> 1.4)
      e2mmap
      jaro_winkler (~> 1.5)
      kramdown (~> 2.3)
      kramdown-parser-gfm (~> 1.1)
      parser (~> 3.0)
      reverse_markdown (>= 1.0.5, < 3)
      rubocop (>= 0.52)
      thor (~> 1.0)
      tilt (~> 2.0)
      yard (~> 0.9, >= 0.9.24)
    standard (1.16.1)
      rubocop (= 1.35.1)
      rubocop-performance (= 1.14.3)
    temple (0.8.2)
    thor (1.2.1)
    tilt (2.0.11)
    tty-color (0.6.0)
    tty-logger (0.6.0)
      pastel (~> 0.8)
    typeprof (0.21.3)
      rbs (>= 1.8.1)
    unicode-display_width (2.3.0)
    webrick (1.7.0)
    yard (0.9.28)
      webrick (~> 1.7.0)

PLATFORMS
  arm64-darwin-21
  x86_64-linux

DEPENDENCIES
  benchmark-ips
  bundle-audit (~> 0.1.0)
  minitest (~> 5.16)
  minitest-around (~> 0.5.0)
  overcommit
  rake (~> 13.0)
  rbs
  rubocop-minitest (~> 0.22.2)
  rubocop-rake (~> 0.6.0)
  solargraph
  standard (~> 1.16)
  statique!
  typeprof

RUBY VERSION
   ruby 3.1.0p0

BUNDLED WITH
   2.3.7
